GEM
  remote: https://rubygems.org/
  specs:
    ansi (1.5.0)
    ast (2.3.0)
    bosh_common (1.3262.1)
      logging (~> 1.8.2)
      semi_semantic (~> 1.2.0)
    bosh_cpi (1.3262.1)
      bosh_common (~> 1.3262.1)
      logging (~> 1.8.2)
      membrane (~> 1.1.0)
    builder (3.1.4)
    diff-lcs (1.3)
    docile (1.1.5)
    domain_name (0.5.20170404)
      unf (>= 0.0.5, < 1.0.0)
    fakefs (0.11.1)
    http-cookie (1.0.3)
      domain_name (~> 0.5)
    httpclient (2.7.1)
    json (2.1.0)
    little-plugger (1.1.4)
    logging (1.8.2)
      little-plugger (>= 1.1.3)
      multi_json (>= 1.8.4)
    membrane (1.1.0)
    mime-types (2.99.3)
    mini_portile2 (2.4.0)
    mono_logger (1.1.0)
    multi_json (1.12.1)
    netrc (0.11.0)
    nokogiri (1.10.10)
      mini_portile2 (~> 2.4.0)
    oga (2.10)
      ast
      ruby-ll (~> 2.1)
    parallel (1.12.0)
    parallel_tests (2.14.3)
      parallel
    rack (1.6.8)
    rake (10.5.0)
    rest-client (1.8.0)
      http-cookie (>= 1.0.2, < 2.0)
      mime-types (>= 1.16, < 3.0)
      netrc (~> 0.7)
    rspec (3.6.0)
      rspec-core (~> 3.6.0)
      rspec-expectations (~> 3.6.0)
      rspec-mocks (~> 3.6.0)
    rspec-core (3.6.0)
      rspec-support (~> 3.6.0)
    rspec-expectations (3.6.0)
      diff-lcs (>= 1.2.0, < 2.0)
      rspec-support (~> 3.6.0)
    rspec-instafail (1.0.0)
      rspec
    rspec-its (1.2.0)
      rspec-core (>= 3.0.0)
      rspec-expectations (>= 3.0.0)
    rspec-mocks (3.6.0)
      diff-lcs (>= 1.2.0, < 2.0)
      rspec-support (~> 3.6.0)
    rspec-support (3.6.0)
    ruby-ll (2.1.2)
      ansi
      ast
    semi_semantic (1.2.0)
    simplecov (0.15.0)
      docile (~> 1.1.0)
      json (>= 1.8, < 3)
      simplecov-html (~> 0.10.0)
    simplecov-html (0.10.2)
    timecop (0.7.4)
    unf (0.1.4)
      unf_ext
    unf_ext (0.0.7.4)

PLATFORMS
  ruby

DEPENDENCIES
  bosh_common (= 1.3262.1)
  bosh_cpi (= 1.3262.1)
  builder (~> 3.1.4)
  fakefs
  httpclient (= 2.7.1)
  membrane (~> 1.1.0)
  mono_logger (~> 1.1.0)
  nokogiri (~> 1.10.10)
  oga
  parallel_tests
  rack (~> 1.6.4)
  rake (~> 10.0)
  rest-client (~> 1.8)
  rspec (~> 3.0)
  rspec-instafail
  rspec-its
  simplecov
  timecop (~> 0.7.1)

BUNDLED WITH
   1.15.3
